PATH
  remote: .
  specs:
    twithub (0.1.1)
      feedzirra (~> 0.2.0.rc2)
      twitter (~> 3.3)

GEM
  remote: http://rubygems.org/
  specs:
    curb (0.8.1)
    diff-lcs (1.1.3)
    faraday (0.8.1)
      multipart-post (~> 1.1)
    feedzirra (0.2.0.rc2)
      curb (~> 0.8.0)
      gorillib (~> 0.1.9)
      loofah (~> 1.2.1)
      nokogiri (~> 1.5.3)
      sax-machine (~> 0.2.0.rc1)
    gorillib (0.1.11)
      json
    json (1.7.3)
    loofah (1.2.1)
      nokogiri (>= 1.4.4)
    multi_json (1.3.6)
    multipart-post (1.1.5)
    nokogiri (1.5.5)
    rake (0.9.2.2)
    rspec (2.11.0)
      rspec-core (~> 2.11.0)
      rspec-expectations (~> 2.11.0)
      rspec-mocks (~> 2.11.0)
    rspec-core (2.11.1)
    rspec-expectations (2.11.1)
      diff-lcs (~> 1.1.3)
    rspec-mocks (2.11.1)
    sax-machine (0.2.0.rc1)
      nokogiri (~> 1.5.2)
    simple_oauth (0.1.8)
    twitter (3.3.1)
      faraday (~> 0.8)
      multi_json (~> 1.3)
      simple_oauth (~> 0.1.6)

PLATFORMS
  ruby

DEPENDENCIES
  rake
  rspec
  twithub!
